NUGET
  remote: https://www.nuget.org/api/v2
    Argu (3.2)
    FAKE (4.35.1)
    FSharp.Core (4.0.0.1)
